GEM
  specs:
    sqlite3 (1.3.4-x86-mingw32)

PLATFORMS
  x86-mingw32

DEPENDENCIES
  sqlite3
